GEM
  remote: https://rubygems.org/
  specs:
    aws-sdk (1.66.0)
      aws-sdk-v1 (= 1.66.0)
    aws-sdk-core (2.7.0)
      aws-sigv4 (~> 1.0)
      jmespath (~> 1.0)
    aws-sdk-resources (2.7.0)
      aws-sdk-core (= 2.7.0)
    aws-sdk-v1 (1.66.0)
      json (~> 1.4)
      nokogiri (>= 1.4.4)
    aws-sigv4 (1.0.0)
    aws_cf_signer (0.1.3)
    jmespath (1.3.1)
    json (1.8.6)
    mini_portile2 (2.1.0)
    nokogiri (1.7.0.1)
      mini_portile2 (~> 2.1.0)

PLATFORMS
  ruby

DEPENDENCIES
  aws-sdk (~> 1)
  aws-sdk-resources (~> 2)
  aws_cf_signer

BUNDLED WITH
   1.12.3
